GEM
  remote: https://rubygems.org/
  specs:
    aws-eventstream (1.0.3)
    aws-sdk (2.11.386)
      aws-sdk-resources (= 2.11.386)
    aws-sdk-core (2.11.386)
      aws-sigv4 (~> 1.0)
      jmespath (~> 1.0)
    aws-sdk-resources (2.11.386)
      aws-sdk-core (= 2.11.386)
    aws-sigv4 (1.1.0)
      aws-eventstream (~> 1.0, >= 1.0.2)
    jmespath (1.4.0)
    mini_portile2 (2.4.0)
    nokogiri (1.10.4)
      mini_portile2 (~> 2.4.0)
    optimist (3.0.0)

PLATFORMS
  ruby

DEPENDENCIES
  aws-sdk (~> 2.11)
  nokogiri (= 1.10.4)
  optimist

BUNDLED WITH
   2.0.2
